GEM
  remote: https://rubygems.org/
  specs:
    puma (5.6.7)
      nio4r (~> 2.0)
    sinatra (3.0.5)
      mustermann (~> 3.0)
      rack (~> 3.0)
      rack-protection (= 3.0.5)
      tilt (~> 2.0)

PLATFORMS
  x86_64-linux

DEPENDENCIES
  puma (~> 5.6)
  sinatra

BUNDLED WITH
   2.4.22 
